GEM
  remote: https://rubygems.org/
  specs:
    activeldap (3.2.2)
      activemodel (~> 3.2.8)
      gettext
      gettext_i18n_rails
      locale
    activemodel (3.2.12)
      activesupport (= 3.2.12)
      builder (~> 3.0.0)
    activesupport (3.2.12)
      i18n (~> 0.6)
      multi_json (~> 1.0)
    builder (3.0.4)
    fast_gettext (0.7.0)
    gettext (2.3.7)
      levenshtein
      locale
    gettext_i18n_rails (0.9.2)
      fast_gettext (>= 0.4.8)
    i18n (0.6.1)
    levenshtein (0.2.2)
    locale (2.0.8)
    multi_json (1.6.1)
    net-ldap (0.3.1)

PLATFORMS
  ruby

DEPENDENCIES
  activeldap
  net-ldap
